PATH
  remote: .
  specs:
    pry-doc (0.4.1)
      pry (>= 0.9.0)
      yard (~> 0.8.1)

GEM
  remote: http://rubygems.org/
  specs:
    bacon (1.1.0)
    coderay (1.0.6)
    method_source (0.7.1)
    pry (0.9.9.4)
      coderay (~> 1.0.5)
      method_source (~> 0.7.1)
      slop (>= 2.4.4, < 3)
    slop (2.4.4)
    yard (0.8.1)

PLATFORMS
  ruby

DEPENDENCIES
  bacon (>= 1.1.0)
  pry-doc!
